GEM
  remote: http://rubygems.org/
  specs:
    chipmunk (5.3.4.4)
    concurrent-ruby (1.1.6)
    conject (0.1.8)
    constructor (2.0.0)
    diy (1.1.2)
      constructor (>= 1.0.0)
    ffi (1.12.2)
    gamebox (0.5.5)
      conject (>= 0.0.8)
      gosu
      i18n
      kvo (>= 0.1.0)
      listen (>= 2.4.0)
      publisher
      require_all
      thor
      tween
    gosu (0.15.1)
    i18n (1.8.2)
      concurrent-ruby (~> 1.0)
    kvo (0.1.0)
      publisher
    listen (3.2.1)
      rb-fsevent (~> 0.10, >= 0.10.3)
      rb-inotify (~> 0.9, >= 0.9.10)
    publisher (1.1.2)
    rake (13.0.1)
    rb-fsevent (0.10.3)
    rb-inotify (0.10.1)
      ffi (~> 1.0)
    require_all (1.2.0)
    thor (1.0.1)
    tween (0.1.2)

PLATFORMS
  ruby

DEPENDENCIES
  chipmunk
  constructor
  diy
  gamebox
  rake
  require_all
